GEM
  remote: https://rubygems.org/
  specs:
    bcrypt (3.1.10-x64-mingw32)
    bcrypt-ruby (3.1.5-x64-mingw32)
      bcrypt (>= 3.1.3)
    mysql2 (0.4.0-x64-mingw32)
    rack (1.6.4)
    rack-protection (1.5.3)
      rack
    sinatra (1.4.6)
      rack (~> 1.4)
      rack-protection (~> 1.4)
      tilt (>= 1.3, < 3)
    tilt (2.0.1)

PLATFORMS
  x64-mingw32

DEPENDENCIES
  bcrypt-ruby (~> 3.1.2)
  mysql2
  sinatra

BUNDLED WITH
   1.10.4
